GIT
  remote: git://github.com/cloudfoundry/uaa
  revision: 792e78165f7702e1e9d512198e6cf9a035ecddab
  ref: 792e7816
  specs:
    cf-uaa-client (0.2.0)
      em-http-request (>= 1.0.0.beta.3, <= 1.0.0.beta.3)
      eventmachine
      interact
      json_pure
      launchy
      rest-client
      thor

GIT
  remote: https://github.com/cloudfoundry/common.git
  revision: e36886a189b82f880a5aa3e9169712d5d9048a88
  ref: e36886a1
  specs:
    vcap_logging (1.0.1)
      rake

GEM
  remote: http://rubygems.org/
  specs:
    addressable (2.3.2)
    cfoundry (0.3.50)
      multi_json (~> 1.3.6)
      multipart-post (~> 1.1.0)
      rubyzip (~> 0.9.9)
    em-http-request (1.0.0.beta.3)
      addressable (>= 2.2.3)
      em-socksify
      eventmachine
      http_parser.rb (>= 0.5.1)
    em-socksify (0.2.1)
      eventmachine (>= 1.0.0.beta.4)
    eventmachine (1.0.0)
    http_parser.rb (0.5.3)
    interact (0.4.8)
    json_pure (1.7.5)
    launchy (2.1.2)
      addressable (~> 2.3)
    mime-types (1.19)
    multi_json (1.3.6)
    multipart-post (1.1.5)
    rack (1.4.1)
    rake (0.9.2.2)
    rest-client (1.6.7)
      mime-types (>= 1.16)
    rubyzip (0.9.9)
    sinatra (1.1.4)
      rack (~> 1.1)
      tilt (>= 1.2.2, < 2.0)
    thor (0.16.0)
    tilt (1.3.3)

PLATFORMS
  ruby

DEPENDENCIES
  cf-uaa-client (~> 0.2.0)!
  cfoundry (~> 0.3.48)
  sinatra
  vcap_logging!
