GIT
  remote: git://github.com/cloudfoundry/uaa
  revision: 2bdf250144723ab572626d4b6c3535a16fb5470a
  specs:
    cf-uaa-client (1.2.5)
      em-http-request (>= 1.0.0.beta.3)
      eventmachine
      highline
      launchy
      rest-client
      yajl-ruby

GIT
  remote: https://github.com/cloudfoundry/common.git
  revision: e36886a189b82f880a5aa3e9169712d5d9048a88
  ref: e36886a1
  specs:
    vcap_logging (1.0.1)
      rake

GEM
  remote: http://rubygems.org/
  specs:
    addressable (2.3.2)
    cfoundry (0.3.50)
      multi_json (~> 1.3.6)
      multipart-post (~> 1.1.0)
      rubyzip (~> 0.9.9)
    cookiejar (0.3.0)
    em-http-request (1.0.3)
      addressable (>= 2.2.3)
      cookiejar
      em-socksify
      eventmachine (>= 1.0.0.beta.4)
      http_parser.rb (>= 0.5.3)
    em-socksify (0.2.1)
      eventmachine (>= 1.0.0.beta.4)
    eventmachine (1.0.0)
    highline (1.6.15)
    http_parser.rb (0.5.3)
    httparty (0.9.0)
      multi_json (~> 1.0)
      multi_xml
    launchy (2.1.2)
      addressable (~> 2.3)
    mime-types (1.19)
    multi_json (1.3.6)
    multi_xml (0.5.1)
    multipart-post (1.1.5)
    rack (1.4.1)
    rake (0.9.2.2)
    rest-client (1.6.7)
      mime-types (>= 1.16)
    rubyzip (0.9.9)
    sinatra (1.1.4)
      rack (~> 1.1)
      tilt (>= 1.2.2, < 2.0)
    sinatra-session (1.0.0)
      sinatra (>= 1.0)
    tilt (1.3.3)
    yajl-ruby (1.1.0)

PLATFORMS
  ruby

DEPENDENCIES
  cf-uaa-client (~> 1.2.5)!
  cfoundry (~> 0.3.48)
  httparty
  sinatra
  sinatra-session
  vcap_logging!
