GEM
  remote: https://rubygems.org/
  specs:
    pg (0.17.0)
    rack (1.5.2)
    rack-protection (1.5.1)
      rack
    sinatra (1.4.3)
      rack (~> 1.4)
      rack-protection (~> 1.4)
      tilt (~> 1.3, >= 1.3.4)
    tilt (1.4.1)

PLATFORMS
  ruby

DEPENDENCIES
  pg
  sinatra
